GEM
  remote: https://rubygems.org/
  specs:
    builder (3.2.3)
    c21e (1.1.9)
    childprocess (1.0.1)
      rake (< 13.0)
    coderay (1.1.2)
    cucumber (2.2.0)
      builder (>= 2.1.2)
      cucumber-core (~> 1.3.0)
      cucumber-wire (~> 0.0.1)
      diff-lcs (>= 1.1.3)
      event-bus (~> 0.1.0)
      gherkin3 (~> 3.1.0)
      multi_json (>= 1.7.5, < 2.0)
      multi_test (>= 0.1.2)
    cucumber-core (1.3.1)
      gherkin3 (~> 3.1.0)
    cucumber-messages (2.1.2)
      google-protobuf (>= 3.2, <= 3.7)
    cucumber-wire (0.0.1)
    diff-lcs (1.3)
    event-bus (0.1.0)
    gherkin (6.0.17)
      c21e (~> 1.1.9)
      cucumber-messages (~> 2.1.2)
    gherkin3 (3.1.2)
    google-protobuf (3.7.0)
    method_source (0.9.2)
    multi_json (1.13.1)
    multi_test (0.1.2)
    pry (0.12.2)
      coderay (~> 1.1.0)
      method_source (~> 0.9.0)
    rake (12.3.3)
    rspec-expectations (3.8.4)
      diff-lcs (>= 1.2.0, < 2.0)
      rspec-support (~> 3.8.0)
    rspec-support (3.8.2)
    rubyzip (1.2.3)
    selenium-webdriver (3.142.3)
      childprocess (>= 0.5, < 2.0)
      rubyzip (~> 1.2, >= 1.2.2)

PLATFORMS
  ruby

DEPENDENCIES
  cucumber
  gherkin
  pry
  rspec-expectations
  selenium-webdriver

BUNDLED WITH
   2.0.2
